GEM
  remote: https://rubygems.org/
  specs:
    RedCloth (4.2.9)
    activesupport (4.1.2)
      i18n (~> 0.6, >= 0.6.9)
      json (~> 1.7, >= 1.7.7)
      minitest (~> 5.1)
      thread_safe (~> 0.1)
      tzinfo (~> 1.1)
    asciidoctor (0.1.4)
    builder (3.2.2)
    crass (0.2.0)
    creole (0.5.0)
    dotenv (0.11.1)
      dotenv-deployment (~> 0.0.2)
    dotenv-deployment (0.0.2)
    ethon (0.7.0)
      ffi (>= 1.3.0)
    expression_parser (0.9.0)
    ffi (1.9.3)
    foreman (0.74.0)
      dotenv (~> 0.11.1)
      thor (~> 0.19.1)
    haml (4.0.5)
      tilt
    i18n (0.6.9)
    json (1.8.1)
    liquid (2.6.1)
    markaby (0.8.0)
      builder
    memoist (0.9.3)
    mini_portile (0.6.0)
    minitest (5.3.5)
    nokogiri (1.6.2.1)
      mini_portile (= 0.6.0)
    nokogumbo (1.1.9)
      nokogiri
    numbers_and_words (0.10.0)
      activesupport
      i18n
    org-ruby (0.9.7)
      rubypants (~> 0.2)
    puma (2.8.2)
      rack (>= 1.1, < 2.0)
    rack (1.5.2)
    redcarpet (3.1.2)
    rinku (1.7.3)
    rubypants (0.2.0)
    rugged (0.19.0)
    sanitize (3.0.0)
      crass (~> 0.2.0)
      nokogiri (>= 1.4.4)
      nokogumbo (= 1.1.9)
    sinatra (1.0)
      rack (>= 1.0)
    slim (2.0.2)
      temple (~> 0.6.6)
      tilt (>= 1.3.3, < 2.1)
    temple (0.6.7)
    thor (0.19.1)
    thread_safe (0.3.4)
    tilt (2.0.1)
    typhoeus (0.6.8)
      ethon (>= 0.7.0)
    tzinfo (1.2.1)
      thread_safe (~> 0.1)
    wikicloth (0.8.1)
      builder
      expression_parser
      rinku

PLATFORMS
  ruby

DEPENDENCIES
  RedCloth
  activesupport
  asciidoctor
  creole
  foreman
  haml
  liquid
  markaby
  memoist
  numbers_and_words
  org-ruby
  puma
  redcarpet
  rugged (= 0.19.0)
  sanitize
  sinatra
  slim
  typhoeus
  wikicloth
