GIT
  remote: git://github.com/libgit2/rugged.git
  revision: 07d2c8e27686a6d6130548b728412d1b6fa178dc
  branch: development
  submodules: true
  specs:
    rugged (0.19.0)

GEM
  remote: https://rubygems.org/
  specs:
    RedCloth (4.2.9)
    activesupport (4.0.0)
      i18n (~> 0.6, >= 0.6.4)
      minitest (~> 4.2)
      multi_json (~> 1.3)
      thread_safe (~> 0.1)
      tzinfo (~> 0.3.37)
    asciidoctor (0.1.4)
    atomic (1.1.14)
    builder (3.2.2)
    creole (0.5.0)
    ethon (0.6.1)
      ffi (>= 1.3.0)
      mime-types (~> 1.18)
    expression_parser (0.9.0)
    ffi (1.9.3)
    haml (4.0.3)
      tilt
    i18n (0.6.5)
    liquid (2.5.3)
    markaby (0.7.2)
      builder (>= 2.0.0)
    memoist (0.9.1)
    mime-types (1.25)
    mini_portile (0.5.2)
    minitest (4.7.5)
    multi_json (1.8.2)
    nokogiri (1.6.0)
      mini_portile (~> 0.5.0)
    numbers_and_words (0.10.0)
      activesupport
      i18n
    org-ruby (0.8.1)
      rubypants (>= 0.2.0)
    puma (2.6.0)
      rack (>= 1.1, < 2.0)
    rack (1.5.2)
    rack-protection (1.5.1)
      rack
    redcarpet (3.0.0)
    rubypants (0.2.0)
    sanitize (2.0.6)
      nokogiri (>= 1.4.4)
    sinatra (1.4.4)
      rack (~> 1.4)
      rack-protection (~> 1.4)
      tilt (~> 1.3, >= 1.3.4)
    slim (2.0.2)
      temple (~> 0.6.6)
      tilt (>= 1.3.3, < 2.1)
    temple (0.6.7)
    thread_safe (0.1.3)
      atomic
    tilt (1.4.1)
    typhoeus (0.6.6)
      ethon (~> 0.6.1)
    tzinfo (0.3.38)
    wikicloth (0.8.0)
      builder
      expression_parser

PLATFORMS
  ruby

DEPENDENCIES
  RedCloth
  activesupport
  asciidoctor
  creole
  haml
  liquid
  markaby
  memoist
  numbers_and_words
  org-ruby
  puma
  redcarpet
  rugged!
  sanitize
  sinatra
  slim
  typhoeus
  wikicloth
